GEM
  remote: http://rubygems.org/
  specs:
    jsonify (0.2.0)
    mime-types (1.16)
    nokogiri (1.5.0)
    rack (1.3.4)
    rack-protection (1.1.4)
      rack
    rest-client (1.6.7)
      mime-types (>= 1.16)
    sinatra (1.3.1)
      rack (~> 1.3, >= 1.3.4)
      rack-protection (~> 1.1, >= 1.1.2)
      tilt (~> 1.3, >= 1.3.3)
    tilt (1.3.3)

PLATFORMS
  ruby

DEPENDENCIES
  jsonify
  nokogiri
  rest-client
  sinatra
